GEM
  remote: https://rubygems.org/
  specs:
    ffi (1.9.25)
    grim (1.3.3)
    mini_portile2 (2.3.0)
    nokogiri (1.8.2)
      mini_portile2 (~> 2.3.0)
    rmagick (2.16.0)
    rtesseract (2.2.0)
      nokogiri
    zxing_cpp (0.1.1)
      ffi (~> 1.1)
      rmagick (~> 2.13)

PLATFORMS
  ruby
  x86_64-darwin-15

DEPENDENCIES
  grim (~> 1.3, >= 1.3.3)
  rmagick (~> 2.16)
  rtesseract (~> 2.2)
  zxing_cpp (~> 0.1.1)

BUNDLED WITH
   1.16.2
