GEM
  remote: https://rubygems.org/
  specs:
    ffi (1.9.25)
    grim (1.3.3)
    rmagick (2.16.0)
    zxing_cpp (0.1.1)
      ffi (~> 1.1)
      rmagick (~> 2.13)

PLATFORMS
  ruby
  x86_64-darwin-15

DEPENDENCIES
  grim
  rmagick
  zxing_cpp

BUNDLED WITH
   1.14.6
